PATH
  remote: .
  specs:
    wix-ui-rails (0.1.3)
      execjs (>= 1.2)

GEM
  remote: http://rubygems.org/
  specs:
    execjs (1.4.0)
      multi_json (~> 1.0)
    multi_json (1.7.2)

PLATFORMS
  ruby

DEPENDENCIES
  bundler (>= 1.2.2)
  wix-ui-rails!
